GEM
  remote: https://rubygems.org/
  specs:
    jwt (2.4.1)
    net-http (0.1.1)
      net-protocol
      uri
    net-protocol (0.1.3)
      timeout
    timeout (0.3.0)
    uri (0.11.0)

PLATFORMS
  x86_64-darwin-21

DEPENDENCIES
  jwt (~> 2.4.1)
  net-http (~> 0.1.0)

BUNDLED WITH
   2.3.13
